GEM
  remote: https://rubygems.org/
  specs:
    awesome_print (1.8.0)
    faraday (0.15.2)
      multipart-post (>= 1.2, < 3)
    multipart-post (2.0.0)

PLATFORMS
  ruby

DEPENDENCIES
  awesome_print
  faraday

BUNDLED WITH
   1.16.2
